GEM
  remote: http://rubygems.org/
  specs:
    Ascii85 (1.0.1)
    aasm (2.2.0)
    actionmailer (2.3.14)
      actionpack (= 2.3.14)
    actionpack (2.3.14)
      activesupport (= 2.3.14)
      rack (~> 1.1.0)
    activerecord (2.3.14)
      activesupport (= 2.3.14)
    activerecord-sqlserver-adapter (2.3.20)
      activerecord (~> 2.2)
    activeresource (2.3.14)
      activesupport (= 2.3.14)
    activesupport (2.3.14)
    builder (3.0.0)
    cap-recipes (0.3.36)
    capistrano (2.8.0)
      highline
      net-scp (>= 1.0.0)
      net-sftp (>= 2.0.0)
      net-ssh (>= 2.0.14)
      net-ssh-gateway (>= 1.1.0)
    capistrano-ext (1.2.1)
      capistrano (>= 1.0.0)
    capistrano_colors (0.5.4)
    capones_recipes (0.12.1)
      cap-recipes
      capistrano
      capistrano-ext
      capistrano_colors
    csv-mapper (0.5.1)
      fastercsv
    cucumber (1.0.2)
      builder (>= 2.1.2)
      diff-lcs (>= 1.1.2)
      gherkin (~> 2.4.5)
      json (>= 1.4.6)
      term-ansicolor (>= 1.0.5)
    diff-lcs (1.1.2)
    fastercsv (1.5.4)
    formtastic (1.2.4)
      actionpack (>= 2.3.7)
      activesupport (>= 2.3.7)
      i18n (~> 0.4)
    gherkin (2.4.14)
      json (>= 1.4.6)
    haml (3.1.2)
    has_scope (0.5.1)
    highline (1.6.2)
    i18n (0.6.0)
    i18n_rails_helpers (0.14.2)
    json (1.5.3)
    mysql (2.8.1)
    net-scp (1.0.4)
      net-ssh (>= 1.99.1)
    net-sftp (2.0.5)
      net-ssh (>= 2.0.9)
    net-ssh (2.2.0)
    net-ssh-gateway (1.1.0)
      net-ssh (>= 1.99.1)
    pdf-reader (0.10.0)
      Ascii85 (~> 1.0.0)
    prawn (0.12.0)
      pdf-reader (>= 0.9.0)
      ttfunk (~> 1.0.2)
    rack (1.1.2)
    rails (2.3.14)
      actionmailer (= 2.3.14)
      actionpack (= 2.3.14)
      activerecord (= 2.3.14)
      activeresource (= 2.3.14)
      activesupport (= 2.3.14)
      rake (>= 0.8.3)
    rake (0.9.2)
    routing-filter (0.2.4)
      actionpack
    show_for (0.2.4)
    sqlite3 (1.3.4)
    sqlite3-ruby (1.3.3)
      sqlite3 (>= 1.3.3)
    term-ansicolor (1.0.6)
    ttfunk (1.0.2)
    validates_timeliness (2.3.2)
    will_paginate (2.3.15)

PLATFORMS
  ruby

DEPENDENCIES
  aasm
  activerecord-sqlserver-adapter
  capones_recipes
  csv-mapper
  cucumber
  fastercsv
  formtastic
  haml
  has_scope
  i18n_rails_helpers
  mysql
  prawn
  rails (~> 2.3.10)
  routing-filter
  show_for
  sqlite3-ruby
  validates_timeliness (< 3.0)
  will_paginate (< 3.0)
